GEM
  remote: http://rubygems.org/
  specs:
    colored (1.2)
    cri (2.3.0)
      colored (>= 1.2)
    id3lib-ruby (0.6.0)
    sqlite3 (1.3.6)

PLATFORMS
  ruby

DEPENDENCIES
  cri
  id3lib-ruby
  sqlite3
